FRAMEWORK: >= NET452
NUGET
  remote: https://nuget.org/api/v2
  specs:
    Akka (1.0.5)
      Newtonsoft.Json (>= 7.0.1)
    Akka.FSharp (1.0.5)
      Akka (>= 1.0.5)
      FsPickler (>= 1.2.21)
      FSPowerPack.Core.Community (>= 3.0.0.0)
      FSPowerPack.Linq.Community (>= 3.0.0.0)
    Akka.Persistence (1.0.5.15-beta)
      Akka (>= 1.0.5)
      Google.ProtocolBuffers (>= 2.4.1.521)
      Newtonsoft.Json (>= 7.0.1)
    Akka.Persistence.FSharp (1.0.5.15-beta)
      Akka.Persistence (>= 1.0.5.15-beta)
    FsPickler (1.7.0)
    FSPowerPack.Core.Community (3.0.0)
    FSPowerPack.Linq.Community (3.0.0)
      FSPowerPack.Core.Community
    Google.ProtocolBuffers (2.4.1.555)
    Newtonsoft.Json (7.0.1)
